GEM
  specs:
    ast (2.4.2)
    byebug (11.1.3)
    coderay (1.1.3)
    json (2.6.3)
    language_server-protocol (3.17.0.3)
    method_source (1.0.0)
    mustermann (3.0.0)
      ruby2_keywords (~> 0.0.1)
    parallel (1.23.0)
    parser (3.2.2.3)
      ast (~> 2.4.1)
      racc
    pry (0.14.2)
      coderay (~> 1.1)
      method_source (~> 1.0)
    pry-byebug (3.10.1)
      byebug (~> 11.0)
      pry (>= 0.13, < 0.15)
    pstore (0.1.2)
    racc (1.6.2)
    rack (2.2.7)
    rack-protection (3.1.0)
      rack (~> 2.2, >= 2.2.4)
    rainbow (3.1.1)
    regexp_parser (2.8.1)
    rexml (3.2.5)
    rubocop (1.55.0)
      json (~> 2.3)
      language_server-protocol (>= 3.17.0)
      parallel (~> 1.10)
      parser (>= 3.2.2.3)
      rainbow (>= 2.2.2, < 4.0)
      regexp_parser (>= 1.8, < 3.0)
      rexml (>= 3.2.5, < 4.0)
      rubocop-ast (>= 1.28.1, < 2.0)
      ruby-progressbar (~> 1.7)
      unicode-display_width (>= 2.4.0, < 3.0)
    rubocop-ast (1.29.0)
      parser (>= 3.2.1.0)
    rubocop-fjord (0.3.0)
      rubocop (>= 1.0)
      rubocop-performance
    rubocop-performance (1.18.0)
      rubocop (>= 1.7.0, < 2.0)
      rubocop-ast (>= 0.4.0)
    ruby-progressbar (1.13.0)
    ruby2_keywords (0.0.5)
    sinatra (3.1.0)
      mustermann (~> 3.0)
      rack (~> 2.2, >= 2.2.4)
      rack-protection (= 3.1.0)
      tilt (~> 2.0)
    tilt (2.2.0)
    unicode-display_width (2.4.2)
    webrick (1.8.1)

PLATFORMS
  x86_64-darwin-20

DEPENDENCIES
  pry-byebug
  pstore
  rubocop-fjord
  sinatra (~> 3.1)
  webrick (~> 1.3, >= 1.3.1)

BUNDLED WITH
   2.4.10
